GEM
  remote: https://rubygems.org/
  specs:
    byebug (11.1.3)
    minitest (5.25.1)
    rake (13.2.1)

PLATFORMS
  ruby
  x86_64-linux

DEPENDENCIES
  byebug
  minitest
  rake

BUNDLED WITH
   2.5.18
